GEM
  remote: http://rubygems.org/
  specs:
    RedCloth (4.2.7)
    coderay (0.9.7)
    columnize (0.3.2)
    compass (0.10.6)
      haml (>= 3.0.4)
    compass-susy-plugin (0.8.1)
      compass (>= 0.10.0)
    haml (3.0.25)
    linecache (0.43)
    maruku (0.6.0)
      syntax (>= 1.0.0)
    nesta (0.9.4)
      RedCloth (~> 4.2)
      haml (~> 3.0)
      maruku (>= 0.6.0)
      shotgun (>= 0.8)
      sinatra (= 1.1.2)
    rack (1.2.2)
    ruby-debug (0.10.4)
      columnize (>= 0.1)
      ruby-debug-base (~> 0.10.4.0)
    ruby-debug-base (0.10.4)
      linecache (>= 0.3)
    shotgun (0.9)
      rack (>= 1.0)
    sinatra (1.1.2)
      rack (~> 1.1)
      tilt (~> 1.2)
    syntax (1.0.0)
    tilt (1.2.2)

PLATFORMS
  ruby

DEPENDENCIES
  coderay
  compass
  compass-susy-plugin
  nesta (= 0.9.4)
  ruby-debug
